GEM
  remote: https://rubygems.org/
  specs:
    EyeEmConnector (0.1.0)
      faraday (~> 0.8.0)
      faraday_middleware
      multi_json
      oauth2
      rash
    a2_printer (0.1.0)
      serialport (~> 1.0.4)
    activemodel (3.2.13)
      activesupport (= 3.2.13)
      builder (~> 3.0.0)
    activerecord (3.2.13)
      activemodel (= 3.2.13)
      activesupport (= 3.2.13)
      arel (~> 3.0.2)
      tzinfo (~> 0.3.29)
    activesupport (3.2.13)
      i18n (= 0.6.1)
      multi_json (~> 1.0)
    arel (3.0.2)
    backports (3.3.1)
    builder (3.0.4)
    chronic (0.9.1)
    coderay (1.0.9)
    daemons (1.1.9)
    eventmachine (1.0.3)
    faraday (0.8.7)
      multipart-post (~> 1.1)
    faraday_middleware (0.9.0)
      faraday (>= 0.7.4, < 0.9)
    haml (4.0.2)
      tilt
    hashie (2.0.5)
    httpauth (0.2.0)
    i18n (0.6.1)
    jwt (0.1.8)
      multi_json (>= 1.5)
    method_source (0.8.1)
    multi_json (1.7.4)
    multi_xml (0.5.3)
    multipart-post (1.2.0)
    oauth2 (0.9.1)
      faraday (~> 0.8)
      httpauth (~> 0.1)
      jwt (~> 0.1.4)
      multi_json (~> 1.0)
      multi_xml (~> 0.5)
      rack (~> 1.2)
    pry (0.9.12.2)
      coderay (~> 1.0.5)
      method_source (~> 0.8)
      slop (~> 3.4)
    pry-remote (0.1.7)
      pry (~> 0.9)
      slop (~> 3.0)
    rack (1.5.2)
    rack-protection (1.5.0)
      rack
    rack-test (0.6.2)
      rack (>= 1.0)
    rake (10.0.4)
    rash (0.4.0)
      hashie (~> 2.0.0)
    rmagick (2.13.1)
    serialport (1.0.4)
    sinatra (1.4.2)
      rack (~> 1.5, >= 1.5.2)
      rack-protection (~> 1.4)
      tilt (~> 1.3, >= 1.3.4)
    sinatra-activerecord (1.2.2)
      activerecord (~> 3.0)
      sinatra (~> 1.0)
    sinatra-contrib (1.4.0)
      backports (>= 2.0)
      eventmachine
      rack-protection
      rack-test
      sinatra (~> 1.4.2)
      tilt (~> 1.3)
    slop (3.4.5)
    sqlite3 (1.3.7)
    thin (1.5.1)
      daemons (>= 1.0.9)
      eventmachine (>= 0.12.6)
      rack (>= 1.0.0)
    tilt (1.4.1)
    tzinfo (0.3.37)
    whenever (0.8.2)
      activesupport (>= 2.3.4)
      chronic (>= 0.6.3)

PLATFORMS
  ruby

DEPENDENCIES
  EyeEmConnector
  a2_printer
  activerecord
  activesupport
  haml
  pry-remote
  rake
  rmagick
  sinatra
  sinatra-activerecord
  sinatra-contrib (~> 1.4.0)
  sqlite3
  thin
  whenever
